GEM
  remote: http://rubygems.org/
  specs:
    json (1.5.1)
    mustache (0.12.0)
    rack (1.2.1)
    sinatra (1.1.2)
      rack (~> 1.1)
      tilt (~> 1.2)
    thimbl (0.1.1)
    tilt (1.2.2)

PLATFORMS
  ruby

DEPENDENCIES
  json
  mustache
  sinatra
  thimbl
