GEM
  remote: http://rubygems.org/
  specs:
    json (1.5.1)
    mocha (0.9.12)
    mustache (0.12.0)
    net-scp (1.0.4)
      net-ssh (>= 1.99.1)
    net-ssh (2.1.0)
    nokogiri (1.4.4)
    rack (1.2.1)
    rack-test (0.5.7)
      rack (>= 1.0)
    sinatra (1.1.2)
      rack (~> 1.1)
      tilt (~> 1.2)
    thimbl (0.1.1)
      json
      net-scp
    tilt (1.2.2)
    webrat (0.7.3)
      nokogiri (>= 1.2.0)
      rack (>= 1.0)
      rack-test (>= 0.5.3)

PLATFORMS
  ruby

DEPENDENCIES
  json
  mocha
  mustache
  rack-test
  sinatra
  thimbl
  webrat
